PATH
  remote: .
  specs:
    ript (0.8.7)

GEM
  remote: http://rubygems.org/
  specs:
    arr-pm (0.0.7)
      cabin (> 0)
    aruba (0.3.5)
      childprocess (>= 0.1.7)
      cucumber (>= 0.10.0)
      rspec (>= 2.5.0)
    backports (2.3.0)
    builder (3.0.0)
    cabin (0.4.4)
      json
    childprocess (0.1.8)
      ffi (~> 1.0.6)
    clamp (0.3.1)
    colorize (0.5.8)
    cucumber (1.1.9)
      builder (>= 2.1.2)
      diff-lcs (>= 1.1.2)
      gherkin (~> 2.9.0)
      json (>= 1.4.6)
      term-ansicolor (>= 1.0.6)
    diff-lcs (1.1.3)
    ffi (1.0.11)
    fpm (0.4.5)
      arr-pm (~> 0.0.7)
      backports (= 2.3.0)
      cabin (~> 0.4.3)
      clamp
      json
    gherkin (2.9.3)
      json (>= 1.4.6)
    json (1.6.6)
    rake (10.1.0)
    rspec (2.5.0)
      rspec-core (~> 2.5.0)
      rspec-expectations (~> 2.5.0)
      rspec-mocks (~> 2.5.0)
    rspec-core (2.5.1)
    rspec-expectations (2.5.0)
      diff-lcs (~> 1.1.2)
    rspec-mocks (2.5.0)
    term-ansicolor (1.0.7)

PLATFORMS
  ruby

DEPENDENCIES
  aruba
  colorize
  cucumber (>= 1.1.9)
  fpm (>= 0.4.5)
  rake
  ript!
  rspec
